{"TaskName":"ep2d_bold_WorkingMemory_order1","RepetitionTime":2,"Manufacturer":"SIEMENS ","ManufacturerModelName":"TrioTim ","MagneticFieldStrength":3,"DeviceSerialNumber":"35368 ","SoftwareVersions":"syngo MR B17","ReceiveCoilName":" ","GradientSetType":" ","MRTransmitCoilSequence":" ","MatrixCoilMode":" ","CoilCombinationMethod":" ","PulseSequenceType":" ","PulseSequenceDetails":" ","NumberShots":" ","ParallelReductionFactorInPlane":" ","ParallelAcquisitionTechnique":" ","PartialFourier":" ","PartialFourierDirection":" ","EffectiveEchoSpacing":0.00026499894000423993,"TotalReadoutTime":0.020934916260334956,"EchoTime":0.03,"InversionTime":" ","SliceTiming":[1.005,0,1.06,0.0575,1.11750000002,0.11250000002,1.17250000002,0.16750000001,1.2275000000099998,0.22500000001,1.2825,0.28,1.34,0.33500000002,1.39500000002,0.39250000002,1.45000000001,0.44750000001,1.5075000000099998,0.5025,1.5625,0.5575,1.61750000002,0.61500000002,1.67500000002,0.67000000001,1.73000000001,0.72500000001,1.785,0.7825,1.84,0.83749999999,1.89750000002,0.89250000002,1.95250000001,0.95000000001],"NumberOfVolumesDiscardedByScanner":" ","NumberOfVolumesDiscardedByUser":10,"DelayTime":" ","FlipAngle":70,"MultibandAccelerationFactor":" ","Instructions":" ","TaskDescription":" ","CogAtlasID":" ","CogPOID":" ","InstitutionName":"Robarts-CFMM","InstitutionAddress":"Perth Drive 100,London,Ontario,CA,N6A 5K8"}