{"TaskName":"ep2d_bold_WorkingMemory_order1_run2 ","RepetitionTime":2,"Manufacturer":"SIEMENS ","ManufacturerModelName":"TrioTim ","MagneticFieldStrength":3,"DeviceSerialNumber":"35368 ","SoftwareVersions":"syngo MR B17","ReceiveCoilName":" ","GradientSetType":" ","MRTransmitCoilSequence":" ","MatrixCoilMode":" ","CoilCombinationMethod":" ","PulseSequenceType":" ","PulseSequenceDetails":" ","NumberShots":" ","ParallelReductionFactorInPlane":" ","ParallelAcquisitionTechnique":" ","PartialFourier":" ","PartialFourierDirection":" ","EffectiveEchoSpacing":0.00026499894000423993,"TotalReadoutTime":0.020934916260334956,"EchoTime":0.03,"InversionTime":" ","SliceTiming":[1.0025,0,1.06,0.05499999999,1.1149999999900002,0.10999999999,1.17000000001,0.16750000001,1.2250000000099999,0.2225,1.2825,0.2775,1.3374999999900001,0.33499999999,1.39249999999,0.38999999998,1.45000000001,0.44500000001,1.505,0.5025,1.56,0.5575,1.6174999999900002,0.61249999999,1.67249999999,0.66750000001,1.7275000000099998,0.72500000001,1.785,0.78,1.84,0.83499999999,1.89499999999,0.89249999999,1.95000000001,0.94750000001],"NumberOfVolumesDiscardedByScanner":" ","NumberOfVolumesDiscardedByUser":10,"DelayTime":" ","FlipAngle":45,"MultibandAccelerationFactor":" ","Instructions":" ","TaskDescription":" ","CogAtlasID":" ","CogPOID":" ","InstitutionName":"Robarts-CFMM","InstitutionAddress":"Perth Drive 100,London,Ontario,CA,N6A 5K8"}